PATH
  remote: .
  specs:
    google-weather (0.2.0)
      httparty (= 0.6.1)

GEM
  remote: http://rubygems.org/
  specs:
    crack (0.1.8)
    httparty (0.6.1)
      crack (= 0.1.8)

PLATFORMS
  ruby

DEPENDENCIES
  bundler (>= 1.0.0)
  google-weather!
  httparty (= 0.6.1)
